PATH
  remote: .
  specs:
    tits (1.0.0)

GEM
  remote: https://rubygems.org/
  specs:
    minitest (5.9.1)
    rake (10.5.0)

PLATFORMS
  ruby

DEPENDENCIES
  bundler (~> 1.12)
  minitest (~> 5.0)
  rake (~> 10.0)
  tits!

BUNDLED WITH
   1.12.5
